PATH
  remote: .
  specs:
    open_config (0.1.0)

GEM
  remote: https://rubygems.org/
  specs:
    coderay (1.1.3)
    method_source (1.0.0)
    pry (0.13.1)
      coderay (~> 1.1)
      method_source (~> 1.0)

PLATFORMS
  x86_64-darwin-20

DEPENDENCIES
  open_config!
  pry (~> 0.13.1)

BUNDLED WITH
   2.2.3
